GEM
  remote: https://rubygems.org/
  specs:
    ast (2.3.0)
    awesome_print (1.8.0)
    fastri (0.3.1.1)
    msgpack (1.1.0)
    neovim (0.5.1)
      msgpack (~> 1.0)
    parallel (1.12.0)
    parser (2.4.0.0)
      ast (~> 2.2)
    powerpack (0.1.1)
    rainbow (2.2.2)
      rake
    rake (12.0.0)
    rcodetools (0.8.5.0)
    rubocop (0.49.1)
      parallel (~> 1.10)
      parser (>= 2.3.3.1, < 3.0)
      powerpack (~> 0.1)
      rainbow (>= 1.99.1, < 3.0)
      ruby-progressbar (~> 1.7)
      unicode-display_width (~> 1.0, >= 1.0.1)
    ruby-beautify (0.97.4)
    ruby-progressbar (1.8.1)
    sass (3.4.25)
    scss-lint (0.38.0)
      rainbow (~> 2.0)
      sass (~> 3.4.1)
    unicode-display_width (1.3.0)

PLATFORMS
  ruby

DEPENDENCIES
  awesome_print
  fastri
  neovim
  rcodetools
  rubocop
  ruby-beautify
  sass
  scss-lint

RUBY VERSION
   ruby 2.3.1p112

BUNDLED WITH
   1.15.1
