GEM
  remote: https://rubygems.org/
  specs:
    ast (2.3.0)
    awesome_print (1.8.0)
    axiom-types (0.1.1)
      descendants_tracker (~> 0.0.4)
      ice_nine (~> 0.11.0)
      thread_safe (~> 0.3, >= 0.3.1)
    codeclimate-engine-rb (0.4.0)
      virtus (~> 1.0)
    coercible (1.0.0)
      descendants_tracker (~> 0.0.1)
    descendants_tracker (0.0.4)
      thread_safe (~> 0.3, >= 0.3.1)
    equalizer (0.0.11)
    equatable (0.5.0)
    fastri (0.3.1.1)
    git-cop (1.7.1)
      pastel (~> 0.7)
      refinements (~> 4.2)
      runcom (~> 1.3)
      thor (~> 0.20)
    ice_nine (0.11.2)
    language_server (0.6.0)
      language_server-protocol (= 0.3.0)
      rcodetools
    language_server-protocol (0.3.0)
    msgpack (1.1.0)
    neovim (0.5.1)
      msgpack (~> 1.0)
    parallel (1.12.0)
    parser (2.4.0.0)
      ast (~> 2.2)
    pastel (0.7.2)
      equatable (~> 0.5.0)
      tty-color (~> 0.4.0)
    powerpack (0.1.1)
    rainbow (2.2.2)
      rake
    rake (12.0.0)
    rcodetools (0.8.5.0)
    reek (4.7.2)
      codeclimate-engine-rb (~> 0.4.0)
      parser (>= 2.4.0.0, < 2.5)
      rainbow (~> 2.0)
    refinements (4.3.1)
    ripper-tags (0.4.0)
    rubocop (0.49.1)
      parallel (~> 1.10)
      parser (>= 2.3.3.1, < 3.0)
      powerpack (~> 0.1)
      rainbow (>= 1.99.1, < 3.0)
      ruby-progressbar (~> 1.7)
      unicode-display_width (~> 1.0, >= 1.0.1)
    ruby-beautify (0.97.4)
    ruby-progressbar (1.8.1)
    runcom (1.4.1)
      refinements (~> 4.2)
    thor (0.20.0)
    thread_safe (0.3.6)
    tty-color (0.4.2)
    unicode-display_width (1.3.0)
    virtus (1.0.5)
      axiom-types (~> 0.1)
      coercible (~> 1.0)
      descendants_tracker (~> 0.0, >= 0.0.3)
      equalizer (~> 0.0, >= 0.0.9)

PLATFORMS
  ruby

DEPENDENCIES
  awesome_print
  fastri
  git-cop
  language_server
  neovim
  rcodetools
  reek
  ripper-tags
  rubocop
  ruby-beautify

BUNDLED WITH
   1.16.0
